PATH
  remote: .
  specs:
    redis_app_join (0.1.2)
      readthis (~> 1.3, >= 1.3.0)
      redis (~> 3.3)
      redis-namespace (~> 1.5)

GEM
  remote: https://rubygems.org/
  specs:
    activemodel (5.0.0.1)
      activesupport (= 5.0.0.1)
    activesupport (5.0.0.1)
      concurrent-ruby (~> 1.0, >= 1.0.2)
      i18n (~> 0.7)
      minitest (~> 5.1)
      tzinfo (~> 1.1)
    byebug (9.0.6)
    concurrent-ruby (1.0.2)
    connection_pool (2.2.0)
    diff-lcs (1.2.5)
    i18n (0.7.0)
    minitest (5.9.1)
    mock_redis (0.17.0)
    rake (13.0.1)
    readthis (1.5.0)
      connection_pool (~> 2.1)
      redis (~> 3.0)
    redis (3.3.1)
    redis-namespace (1.5.2)
      redis (~> 3.0, >= 3.0.4)
    rspec (3.5.0)
      rspec-core (~> 3.5.0)
      rspec-expectations (~> 3.5.0)
      rspec-mocks (~> 3.5.0)
    rspec-activemodel-mocks (1.0.3)
      activemodel (>= 3.0)
      activesupport (>= 3.0)
      rspec-mocks (>= 2.99, < 4.0)
    rspec-core (3.5.4)
      rspec-support (~> 3.5.0)
    rspec-expectations (3.5.0)
      diff-lcs (>= 1.2.0, < 2.0)
      rspec-support (~> 3.5.0)
    rspec-mocks (3.5.0)
      diff-lcs (>= 1.2.0, < 2.0)
      rspec-support (~> 3.5.0)
    rspec-support (3.5.0)
    thread_safe (0.3.5)
    tzinfo (1.2.2)
      thread_safe (~> 0.1)

PLATFORMS
  ruby

DEPENDENCIES
  bundler (~> 1.12)
  byebug (>= 9.0.6)
  mock_redis (~> 0.17, >= 0.17.0)
  rake (~> 13.0)
  redis_app_join!
  rspec (~> 3.0)
  rspec-activemodel-mocks (>= 1.0.3)

BUNDLED WITH
   1.12.5
